GEM
  remote: https://rubygems.org/
  specs:
    ZenTest (4.11.0)
    amalgalite (1.5.0)
      arrayfields (~> 4.9)
    arrayfields (4.9.2)
    autotest (4.4.6)
      ZenTest (>= 4.4.1)
    diff-lcs (1.2.5)
    ferret (0.11.8.6)
    libxml-ruby (2.8.0)
    psych (2.0.15)
    rspec (3.4.0)
      rspec-core (~> 3.4.0)
      rspec-expectations (~> 3.4.0)
      rspec-mocks (~> 3.4.0)
    rspec-core (3.4.1)
      rspec-support (~> 3.4.0)
    rspec-expectations (3.4.0)
      diff-lcs (>= 1.2.0, < 2.0)
      rspec-support (~> 3.4.0)
    rspec-mocks (3.4.0)
      diff-lcs (>= 1.2.0, < 2.0)
      rspec-support (~> 3.4.0)
    rspec-support (3.4.1)

PLATFORMS
  ruby

DEPENDENCIES
  amalgalite (~> 1.5.0)
  autotest
  ferret (~> 0.11.8.6)
  libxml-ruby
  psych (~> 2.0.15)
  rspec (= 3.4.0)

BUNDLED WITH
   1.10.6
