GEM
  remote: http://rubygems.org/
  specs:
    ZenTest (4.5.0)
    autotest (4.4.6)
      ZenTest (>= 4.4.1)
    builder (3.0.0)
    escape (0.0.4)
    libxml-ruby (1.1.4)
    pr_geohash (1.0.0)
    rsolr (0.12.1)
      builder (>= 2.1.2)
    rspec (1.3.1)
    sunspot (1.2.1)
      escape (= 0.0.4)
      pr_geohash (~> 1.0)
      rsolr (= 0.12.1)

PLATFORMS
  ruby

DEPENDENCIES
  autotest
  libxml-ruby
  rspec (= 1.3.1)
  sunspot
